GIT
  remote: https://github.com/btakita/rr.git
  revision: 1385208bbd3a0fdad6df2d2d06b50ecb40dfe9f3
  specs:
    rr (1.0.2)

GEM
  remote: http://rubygems.org/
  specs:
    autotest-standalone (4.5.5)
    git (1.2.5)
    jeweler (1.6.3)
      bundler (~> 1.0)
      git (>= 1.2.5)
      rake
    minitest (2.3.1)
    rake (0.9.2)
    rcov (0.9.9)
    slop (1.9.1)

PLATFORMS
  ruby

DEPENDENCIES
  autotest-standalone
  bundler (~> 1.0.0)
  jeweler (~> 1.6.2)
  minitest
  rcov
  rr!
  slop (~> 1.9)
